GEM
  remote: https://rubygems.org/
  specs:
    aws-sdk (2.11.104)
      aws-sdk-resources (= 2.11.104)
    aws-sdk-core (2.11.104)
      aws-sigv4 (~> 1.0)
      jmespath (~> 1.0)
    aws-sdk-resources (2.11.104)
      aws-sdk-core (= 2.11.104)
    aws-sigv4 (1.0.3)
    jmespath (1.4.0)
    rake (12.3.1)
    timeout (0.0.1)
      timeout-extensions
    timeout-extensions (0.1.1)

PLATFORMS
  ruby

DEPENDENCIES
  aws-sdk
  rake
  timeout

BUNDLED WITH
   1.16.1
